GEM
  remote: https://rubygems.org/
  specs:
    excon (0.90.0)

PLATFORMS
  x86_64-darwin-19

DEPENDENCIES
  excon

BUNDLED WITH
   2.3.5
